GIT
  remote: git://github.com/csdn-dev/second_level_cache.git
  revision: f6185488ebf1bf5d1e7e18e1448c61bb367f51d2
  specs:
    second_level_cache (1.6.2)
      activesupport (~> 3.2.0)

GIT
  remote: git://github.com/robbin/acts-as-taggable-on.git
  revision: f52d2b9347a30ce2bdbf4c2d8ad1a7ced7e50d86
  specs:
    acts-as-taggable-on (2.3.3)
      activerecord (~> 3.0)

GEM
  remote: http://rubygems.org/
  specs:
    activemodel (3.2.17)
      activesupport (= 3.2.17)
      builder (~> 3.0.0)
    activerecord (3.2.17)
      activemodel (= 3.2.17)
      activesupport (= 3.2.17)
      arel (~> 3.0.2)
      tzinfo (~> 0.3.29)
    activesupport (3.2.17)
      i18n (~> 0.6, >= 0.6.4)
      multi_json (~> 1.0)
    arel (3.0.3)
    backup (3.4.0)
      open4 (~> 1.3.0)
      thor (>= 0.15.4, < 2)
    baidupan (0.0.9)
      thor
    bcrypt (3.1.7)
    bcrypt-ruby (3.1.5)
      bcrypt (>= 3.1.3)
    binding_of_caller (0.7.2)
      debug_inspector (>= 0.0.1)
    builder (3.0.4)
    carrierwave (0.10.0)
      activemodel (>= 3.2.0)
      activesupport (>= 3.2.0)
      json (>= 1.7)
      mime-types (>= 1.16)
    coderay (1.0.9)
    daemons (1.1.9)
    dalli (2.7.1)
    database_cleaner (1.2.0)
    debug_inspector (0.0.2)
    erubis (2.7.0)
    ethon (0.6.3)
      ffi (>= 1.3.0)
      mime-types (~> 1.18)
    eventmachine (1.0.3)
    factory_girl (4.4.0)
      activesupport (>= 3.0.0)
    ffi (1.9.3)
    github-markdown (0.6.5)
    http_router (0.11.1)
      rack (>= 1.0.0)
      url_mount (~> 0.2.1)
    i18n (0.6.9)
    json (1.8.1)
    kgio (2.9.2)
    method_source (0.8.2)
    mime-types (1.25.1)
    mini_magick (3.7.0)
      subexec (~> 0.2.1)
    mini_portile (0.5.3)
    minitest (2.6.2)
    multi_json (1.9.3)
    mysql2 (0.3.15)
    nokogiri (1.6.1)
      mini_portile (~> 0.5.0)
    open4 (1.3.3)
    padrino-core (0.11.0)
      activesupport (>= 3.1.0)
      http_router (~> 0.11.0)
      rack-protection (>= 1.5.0)
      sinatra (~> 1.4.2)
      thor (~> 0.17.0)
      tilt (~> 1.3.0)
    padrino-gen (0.11.0)
      bundler (~> 1.0)
      padrino-core (= 0.11.0)
    padrino-helpers (0.11.0)
      i18n (~> 0.6)
      padrino-core (= 0.11.0)
    pry (0.9.12)
      coderay (~> 1.0.5)
      method_source (~> 0.8)
      slop (~> 3.4)
    pry-nav (0.2.2)
      pry (~> 0.9.10)
    pry-padrino (0.1.2)
      pry (>= 0.8)
    pry-stack_explorer (0.4.9)
      binding_of_caller (>= 0.7)
      pry (~> 0.9.11)
    rack (1.5.2)
    rack-protection (1.5.3)
      rack
    rack-test (0.6.2)
      rack (>= 1.0)
    raindrops (0.13.0)
    rake (10.3.1)
    rb-readline (0.5.1)
    rest-client (1.6.7)
      mime-types (>= 1.16)
    sanitize (2.1.0)
      nokogiri (>= 1.4.4)
    sinatra (1.4.5)
      rack (~> 1.4)
      rack-protection (~> 1.4)
      tilt (~> 1.3, >= 1.3.4)
    slop (3.5.0)
    subexec (0.2.3)
    thin (1.6.2)
      daemons (>= 1.0.9)
      eventmachine (>= 1.0.0)
      rack (>= 1.0.0)
    thor (0.17.0)
    tilt (1.3.7)
    typhoeus (0.6.6)
      ethon (~> 0.6.1)
    tzinfo (0.3.39)
    unicorn (4.6.3)
      kgio (~> 2.6)
      rack
      raindrops (~> 0.7)
    url_mount (0.2.1)
      rack
    will_paginate (3.0.5)

PLATFORMS
  ruby

DEPENDENCIES
  activerecord (~> 3.2)
  acts-as-taggable-on!
  backup (= 3.4.0)
  baidupan
  bcrypt-ruby
  carrierwave
  dalli
  database_cleaner
  erubis (~> 2.7.0)
  factory_girl
  github-markdown
  kgio
  mini_magick
  minitest (~> 2.6.0)
  mysql2
  padrino-core
  padrino-gen (= 0.11)
  padrino-helpers
  pry (= 0.9.12)
  pry-nav (= 0.2.2)
  pry-padrino
  pry-stack_explorer (= 0.4.9)
  rack-test
  rake
  rb-readline
  rest-client
  sanitize
  second_level_cache!
  thin
  tilt (~> 1.3.7)
  typhoeus (= 0.6.6)
  unicorn (= 4.6.3)
  will_paginate
